GEM
  remote: https://rubygems.org/
  specs:
    childprocess (0.9.0)
      ffi (~> 1.0, >= 1.0.11)
    coderay (1.1.2)
    colorize (0.8.1)
    crack (0.4.3)
      safe_yaml (~> 1.0.0)
    diff-lcs (1.3)
    faraday (0.17.3)
      multipart-post (>= 1.2, < 3)
    ffi (1.12.2)
    git (1.6.0)
      rchardet (~> 1.8)
    jasmine (2.6.0)
      jasmine-core (>= 2.6.0, < 3.0.0)
      phantomjs
      rack (>= 1.2.1)
      rake
    jasmine-core (2.99.0)
    learn-co (3.9.6)
      learn-config (>= 1.0.77)
      learn-generate (>= 1.0.16)
      learn-hello (>= 1.0.1)
      learn-open (= 1.2.28)
      learn-status (>= 1.0.1)
      learn-submit (= 1.3.1)
      learn-test (= 2.6.1)
      learn_linter (>= 1.6.0)
      netrc (>= 0.11.0)
      thor (>= 0.19.1)
    learn-config (1.0.77)
      learn-web (>= 1.5.0)
      netrc
    learn-generate (1.0.16)
    learn-hello (1.0.1)
      learn-web (>= 1.4.1)
      netrc
    learn-open (1.2.28)
      git
      learn-web (>= 1.5.2)
      netrc
    learn-status (1.0.1)
      colorize
      learn-web (>= 1.2.0)
      netrc
    learn-submit (1.3.1)
      git (~> 1.2)
      learn-web (~> 1.5, >= 1.5.0)
      netrc (~> 0)
    learn-test (2.6.1)
      colorize (~> 0.8.1)
      crack (~> 0.4.3)
      faraday (~> 0.9)
      git (~> 1.2)
      jasmine (~> 2.6.0, >= 2.6.0)
      jasmine-core (< 2.99.1)
      netrc (~> 0.11.0)
      oj (~> 2.9)
      rainbow (= 1.99.2)
      rspec (~> 3.0)
      selenium-webdriver (~> 2.52.0, >= 2.52.0)
      webrick (~> 1.3.1, >= 1.3.1)
    learn-web (1.5.3)
      faraday (~> 0.9)
      oj (~> 2.9)
    learn_linter (1.7.3)
    method_source (1.0.0)
    multi_json (1.14.1)
    multipart-post (2.1.1)
    netrc (0.11.0)
    oj (2.18.5)
    phantomjs (2.1.1.0)
    pry (0.13.1)
      coderay (~> 1.1)
      method_source (~> 1.0)
    rack (2.2.2)
    rainbow (1.99.2)
    rake (13.0.1)
    rchardet (1.8.0)
    rspec (3.9.0)
      rspec-core (~> 3.9.0)
      rspec-expectations (~> 3.9.0)
      rspec-mocks (~> 3.9.0)
    rspec-core (3.9.2)
      rspec-support (~> 3.9.3)
    rspec-expectations (3.9.2)
      diff-lcs (>= 1.2.0, < 2.0)
      rspec-support (~> 3.9.0)
    rspec-mocks (3.9.1)
      diff-lcs (>= 1.2.0, < 2.0)
      rspec-support (~> 3.9.0)
    rspec-support (3.9.3)
    rubyzip (1.3.0)
    safe_yaml (1.0.5)
    selenium-webdriver (2.52.0)
      childprocess (~> 0.5)
      multi_json (~> 1.0)
      rubyzip (~> 1.0)
      websocket (~> 1.0)
    thor (1.0.1)
    webrick (1.3.1)
    websocket (1.2.8)

PLATFORMS
  ruby

DEPENDENCIES
  learn-co
  pry
  rspec

BUNDLED WITH
   2.1.2
